GIT
  remote: https://github.com/pooza/ginseng-core.git
  revision: d1da1ca4523412b8ba6dd68c84ff56843dd3c2f3
  specs:
    ginseng-core (1.4.10)
      activesupport
      addressable
      bundler
      csv
      daemon-spawn
      httparty
      rake
      rest-client
      rubocop
      syslog-logger
      test-unit
      yajl-ruby

GEM
  remote: https://rubygems.org/
  specs:
    activesupport (6.0.0)
      concurrent-ruby (~> 1.0, >= 1.0.2)
      i18n (>= 0.7, < 2)
      minitest (~> 5.1)
      tzinfo (~> 1.1)
      zeitwerk (~> 2.1, >= 2.1.8)
    addressable (2.7.0)
      public_suffix (>= 2.0.2, < 5.0)
    ast (2.4.0)
    concurrent-ruby (1.1.5)
    csv (3.1.1)
    daemon-spawn (0.4.2)
    domain_name (0.5.20190701)
      unf (>= 0.0.5, < 1.0.0)
    faraday (0.15.4)
      multipart-post (>= 1.2, < 3)
    faraday_middleware (0.13.1)
      faraday (>= 0.7.4, < 1.0)
    feedlr (0.1.0)
      faraday (~> 0.9)
      faraday_middleware (~> 0.9)
      hashie (~> 2.0)
      multi_json (~> 1.0)
      multi_xml (~> 0.5)
    hashie (2.1.2)
    http-accept (1.7.0)
    http-cookie (1.0.3)
      domain_name (~> 0.5)
    httparty (0.17.1)
      mime-types (~> 3.0)
      multi_xml (>= 0.5.2)
    i18n (1.6.0)
      concurrent-ruby (~> 1.0)
    jaro_winkler (1.5.3)
    mime-types (3.3)
      mime-types-data (~> 3.2015)
    mime-types-data (3.2019.0904)
    minitest (5.12.0)
    multi_json (1.13.1)
    multi_xml (0.6.0)
    multipart-post (2.1.1)
    netrc (0.11.0)
    parallel (1.17.0)
    parser (2.6.4.1)
      ast (~> 2.4.0)
    power_assert (1.1.5)
    public_suffix (4.0.1)
    rainbow (3.0.0)
    rake (12.3.3)
    rest-client (2.1.0)
      http-accept (>= 1.7.0, < 2.0)
      http-cookie (>= 1.0.2, < 2.0)
      mime-types (>= 1.16, < 4.0)
      netrc (~> 0.8)
    rubocop (0.74.0)
      jaro_winkler (~> 1.5.1)
      parallel (~> 1.10)
      parser (>= 2.6)
      rainbow (>= 2.2.2, < 4.0)
      ruby-progressbar (~> 1.7)
      unicode-display_width (>= 1.4.0, < 1.7)
    ruby-progressbar (1.10.1)
    syslog-logger (1.6.8)
    test-unit (3.3.3)
      power_assert
    thread_safe (0.3.6)
    tzinfo (1.2.5)
      thread_safe (~> 0.1)
    unf (0.1.4)
      unf_ext
    unf_ext (0.0.7.6)
    unicode-display_width (1.6.0)
    yajl-ruby (1.4.1)
    zeitwerk (2.1.10)

PLATFORMS
  ruby

DEPENDENCIES
  addressable
  bundler
  feedlr
  ginseng-core!
  httparty
  rake
  rubocop

RUBY VERSION
   ruby 2.6.2p47

BUNDLED WITH
   2.0.2
